PATH
  remote: .
  specs:
    ruby_healthcheck_middleware (0.1.0)
      bunny
      rack (>= 2.2)
      sequel (~> 5.24)

GEM
  remote: https://rubygems.org/
  specs:
    allure-rspec (2.20.0)
      allure-ruby-commons (= 2.20.0)
      rspec-core (>= 3.8, < 4)
    allure-ruby-commons (2.20.0)
      mime-types (>= 3.3, < 4)
      oj (>= 3.10, < 4)
      require_all (>= 2, < 4)
      rspec-expectations (~> 3.12)
      uuid (>= 2.3, < 3)
    amq-protocol (2.3.2)
    ast (2.4.2)
    bigdecimal (3.1.8)
    bundler-audit (0.9.2)
      bundler (>= 1.2.0, < 3)
      thor (~> 1.0)
    bunny (2.23.0)
      amq-protocol (~> 2.3, >= 2.3.1)
      sorted_set (~> 1, >= 1.0.2)
    byebug (11.1.3)
    coderay (1.1.3)
    colorize (0.8.1)
    diff-lcs (1.5.1)
    docile (1.4.1)
    fakeredis (0.5.0)
      redis (~> 3.0)
    fasterer (0.10.1)
      colorize (~> 0.7)
      ruby_parser (>= 3.19.1)
    ffaker (2.21.0)
    htmlentities (4.3.4)
    json (2.7.2)
    json_matchers (0.11.1)
      json_schema
    json_schema (0.21.0)
    language_server-protocol (3.17.0.3)
    macaddr (1.7.2)
      systemu (~> 2.6.5)
    method_source (1.1.0)
    mime-types (3.5.2)
      mime-types-data (~> 3.2015)
    mime-types-data (3.2024.0903)
    oj (3.16.5)
      bigdecimal (>= 3.0)
      ostruct (>= 0.2)
    ostruct (0.6.0)
    parallel (1.26.3)
    parser (3.3.5.0)
      ast (~> 2.4.1)
      racc
    pg (1.5.8)
    power_assert (2.0.3)
    pry (0.14.2)
      coderay (~> 1.1)
      method_source (~> 1.0)
    pry-byebug (3.10.1)
      byebug (~> 11.0)
      pry (>= 0.13, < 0.15)
    racc (1.8.1)
    rack (3.1.7)
    rainbow (3.1.1)
    rake (13.2.1)
    rbtree (0.4.6)
    redis (3.3.5)
    regexp_parser (2.9.2)
    require_all (3.0.0)
    rspec (3.13.0)
      rspec-core (~> 3.13.0)
      rspec-expectations (~> 3.13.0)
      rspec-mocks (~> 3.13.0)
    rspec-core (3.13.1)
      rspec-support (~> 3.13.0)
    rspec-expectations (3.13.3)
      diff-lcs (>= 1.2.0, < 2.0)
      rspec-support (~> 3.13.0)
    rspec-mocks (3.13.1)
      diff-lcs (>= 1.2.0, < 2.0)
      rspec-support (~> 3.13.0)
    rspec-sonarqube-formatter (1.5.0)
      htmlentities (~> 4.3.3)
      rspec (~> 3.0)
    rspec-support (3.13.1)
    rspec_junit_formatter (0.6.0)
      rspec-core (>= 2, < 4, != 2.12.0)
    rubocop (1.66.1)
      json (~> 2.3)
      language_server-protocol (>= 3.17.0)
      parallel (~> 1.10)
      parser (>= 3.3.0.2)
      rainbow (>= 2.2.2, < 4.0)
      regexp_parser (>= 2.4, < 3.0)
      rubocop-ast (>= 1.32.2, < 2.0)
      ruby-progressbar (~> 1.7)
      unicode-display_width (>= 2.4.0, < 3.0)
    rubocop-ast (1.32.3)
      parser (>= 3.3.1.0)
    rubocop-capybara (2.21.0)
      rubocop (~> 1.41)
    rubocop-factory_bot (2.26.1)
      rubocop (~> 1.61)
    rubocop-performance (1.21.1)
      rubocop (>= 1.48.1, < 2.0)
      rubocop-ast (>= 1.31.1, < 2.0)
    rubocop-rspec (2.31.0)
      rubocop (~> 1.40)
      rubocop-capybara (~> 2.17)
      rubocop-factory_bot (~> 2.22)
      rubocop-rspec_rails (~> 2.28)
    rubocop-rspec_rails (2.29.1)
      rubocop (~> 1.61)
    ruby-progressbar (1.13.0)
    ruby_parser (3.21.1)
      racc (~> 1.5)
      sexp_processor (~> 4.16)
    sequel (5.84.0)
      bigdecimal
    set (1.0.4)
    sexp_processor (4.17.2)
    simplecov (0.22.0)
      docile (~> 1.1)
      simplecov-html (~> 0.11)
      simplecov_json_formatter (~> 0.1)
    simplecov-html (0.13.1)
    simplecov_json_formatter (0.1.4)
    sorted_set (1.0.3)
      rbtree
      set (~> 1.0)
    systemu (2.6.5)
    test-unit (3.6.2)
      power_assert
    thor (1.3.2)
    unicode-display_width (2.5.0)
    uuid (2.3.9)
      macaddr (~> 1.0)

PLATFORMS
  ruby

DEPENDENCIES
  allure-rspec (= 2.20.0)
  bundler-audit (~> 0.9.1)
  fakeredis (~> 0.5.0)
  fasterer (~> 0.10.1)
  ffaker (~> 2.21)
  json_matchers (~> 0.11.1)
  pg (~> 1.5, >= 1.5.4)
  pry-byebug (~> 3.10, >= 3.10.1)
  rake (~> 13.1)
  rspec (~> 3.12)
  rspec-sonarqube-formatter (~> 1.5)
  rspec_junit_formatter (~> 0.6.0)
  rubocop (~> 1.57, >= 1.57.2)
  rubocop-performance (~> 1.19, >= 1.19.1)
  rubocop-rspec (~> 2.25)
  ruby_healthcheck_middleware!
  simplecov (~> 0.22.0)
  test-unit (~> 3.6, >= 3.6.1)

BUNDLED WITH
   2.1.2
